PATH
  remote: .
  specs:
    blink_tm (0.2.0)
      linux_stat (>= 2.2.2)

GEM
  remote: https://rubygems.org/
  specs:
    linux_stat (2.2.2)
    rake (13.0.3)

PLATFORMS
  x86_64-linux

DEPENDENCIES
  blink_tm!
  rake (~> 13.0)

BUNDLED WITH
   2.2.16
